GIT
  remote: https://github.com/Rodeoclash/mediawiki-ruby-api.git
  revision: 699dc3b6f437c07cb388d8a5173bc2b6fa8c09e3
  specs:
    mediawiki_api (0.1.4)
      faraday (~> 0.9, >= 0.9.0)
      faraday-cookie_jar (~> 0.0, >= 0.0.6)
      mimemagic (~> 0.2.1)

GEM
  remote: https://rubygems.org/
  specs:
    domain_name (0.5.19)
      unf (>= 0.0.5, < 1.0.0)
    dotenv (0.11.0)
      dotenv-deployment (= 0.0.1)
    dotenv-deployment (0.0.1)
    faraday (0.9.0)
      multipart-post (>= 1.2, < 3)
    faraday-cookie_jar (0.0.6)
      faraday (>= 0.7.4)
      http-cookie (~> 1.0.0)
    http-cookie (1.0.2)
      domain_name (~> 0.5)
    mimemagic (0.2.1)
    multipart-post (2.0.0)
    streamio-ffmpeg (1.0.0)
    unf (0.1.4)
      unf_ext
    unf_ext (0.0.6)

PLATFORMS
  ruby

DEPENDENCIES
  dotenv
  mediawiki_api!
  streamio-ffmpeg
